PATH
  remote: .
  specs:
    omniauth-sense (0.1.0)
      multi_json (~> 1.0)
      omniauth-oauth (~> 1.0)

GEM
  remote: https://rubygems.org/
  specs:
    diff-lcs (1.1.3)
    hashie (1.2.0)
    multi_json (1.3.6)
    oauth (0.4.7)
    omniauth (1.1.1)
      hashie (~> 1.2)
      rack
    omniauth-oauth (1.0.1)
      oauth
      omniauth (~> 1.0)
    rack (1.4.1)
    rack-protection (1.2.0)
      rack
    rake (0.9.2.2)
    rspec (2.11.0)
      rspec-core (~> 2.11.0)
      rspec-expectations (~> 2.11.0)
      rspec-mocks (~> 2.11.0)
    rspec-core (2.11.1)
    rspec-expectations (2.11.3)
      diff-lcs (~> 1.1.3)
    rspec-mocks (2.11.3)
    sinatra (1.3.3)
      rack (~> 1.3, >= 1.3.6)
      rack-protection (~> 1.2)
      tilt (~> 1.3, >= 1.3.3)
    tilt (1.3.3)

PLATFORMS
  ruby

DEPENDENCIES
  omniauth-sense!
  rake
  rspec (~> 2.7)
  sinatra
